GEM
  remote: https://rubygems.org/
  specs:
    addressable (2.3.6)
    async-rack (0.5.1)
      rack (~> 1.1)
    capistrano (3.2.1)
      i18n
      rake (>= 10.0.0)
      sshkit (~> 1.3)
    capistrano-bundler (1.1.2)
      capistrano (~> 3.0)
      sshkit (~> 1.2)
    capistrano-rbenv (2.0.2)
      capistrano (~> 3.1)
      sshkit (~> 1.3)
    colorize (0.7.3)
    dotenv (0.11.1)
      dotenv-deployment (~> 0.0.2)
    dotenv-deployment (0.0.2)
    em-hiredis (0.3.0)
      eventmachine (~> 1.0)
      hiredis (~> 0.5.0)
    em-synchrony (1.0.3)
      eventmachine (>= 1.0.0.beta.1)
    em-websocket (0.3.8)
      addressable (>= 2.1.1)
      eventmachine (>= 0.12.9)
      eventmachine (>= 0.12.9)
      eventmachine (>= 0.12.9)
      eventmachine (>= 0.12.9)
      eventmachine (>= 0.12.9)
      eventmachine (>= 0.12.9)
      eventmachine (>= 0.12.9)
      eventmachine (>= 0.12.9)
      eventmachine (>= 0.12.9)
      eventmachine (>= 0.12.9)
      eventmachine (>= 0.12.9)
      eventmachine (>= 0.12.9)
      eventmachine (>= 0.12.9)
      eventmachine (>= 0.12.9)
      eventmachine (>= 0.12.9)
      eventmachine (>= 0.12.9)
    eventmachine (1.0.3)
    goliath (1.0.4)
      async-rack
      em-synchrony (>= 1.0.0)
      em-websocket (= 0.3.8)
      eventmachine (>= 1.0.0.beta.4)
      http_parser.rb (= 0.6.0)
      log4r
      multi_json
      rack (>= 1.2.2)
      rack-contrib
      rack-respond_to
    hiredis (0.5.2)
    http_parser.rb (0.6.0)
    i18n (0.6.11)
    log4r (1.1.10)
    multi_json (1.10.1)
    net-scp (1.2.1)
      net-ssh (>= 2.6.5)
    net-ssh (2.9.1)
    rack (1.5.2)
    rack-accept-media-types (0.9)
    rack-contrib (1.1.0)
      rack (>= 0.9.1)
    rack-respond_to (0.9.8)
      rack-accept-media-types (>= 0.6)
    rake (10.3.2)
    redis (3.1.0)
    sshkit (1.5.1)
      colorize
      net-scp (>= 1.1.2)
      net-ssh (>= 2.8.0)

PLATFORMS
  ruby

DEPENDENCIES
  capistrano
  capistrano-bundler
  capistrano-rbenv
  dotenv
  em-hiredis
  em-synchrony
  goliath
  redis
